GEM
  remote: https://rubygems.org/
  specs:
    activesupport (4.0.12)
      i18n (~> 0.6, >= 0.6.9)
      minitest (~> 4.2)
      multi_json (~> 1.3)
      thread_safe (~> 0.1)
      tzinfo (~> 0.3.37)
    daemons (1.1.9)
    dotenv (0.11.1)
      dotenv-deployment (~> 0.0.2)
    dotenv-deployment (0.0.2)
    eventmachine (1.0.3)
    foreman (0.75.0)
      dotenv (~> 0.11.1)
      thor (~> 0.19.1)
    foreman-export-initscript (0.0.1)
      foreman
    haml (4.0.6)
      tilt
    i18n (0.6.11)
    mail (2.5.4)
      mime-types (~> 1.16)
      treetop (~> 1.4.8)
    mime-types (1.25.1)
    minitest (4.7.5)
    multi_json (1.10.1)
    polyglot (0.3.5)
    rack (1.5.2)
    rack-protection (1.5.3)
      rack
    rake (10.2.2)
    rmagick (2.13.4)
    sinatra (1.4.5)
      rack (~> 1.4)
      rack-protection (~> 1.4)
      tilt (~> 1.3, >= 1.3.4)
    thin (1.6.3)
      daemons (~> 1.0, >= 1.0.9)
      eventmachine (~> 1.0)
      rack (~> 1.0)
    thor (0.19.1)
    thread_safe (0.3.4)
    tilt (1.4.1)
    treetop (1.4.15)
      polyglot
      polyglot (>= 0.3.1)
    tzinfo (0.3.42)

PLATFORMS
  ruby

DEPENDENCIES
  activesupport (~> 4.0.4)
  foreman (~> 0.75.0)
  foreman-export-initscript (~> 0.0.1)
  haml (~> 4.0.5)
  i18n (~> 0.6.9)
  mail (~> 2.5.4)
  rake (~> 10.2.2)
  rmagick (~> 2.13.4)
  sinatra (~> 1.4.4)
  thin (~> 1.6.2)
